GEM
  remote: http://rubygems.org/
  specs:
    activesupport (3.2.3)
      i18n (~> 0.6)
      multi_json (~> 1.0)
    daemons (1.1.8)
    diff-lcs (1.1.3)
    eventmachine (0.12.10)
    http_router (0.10.2)
      rack (>= 1.0.0)
      url_mount (~> 0.2.1)
    i18n (0.6.0)
    json (1.7.0)
    kgio (2.7.4)
    mail (2.3.3)
      i18n (>= 0.4.0)
      mime-types (~> 1.16)
      treetop (~> 1.4.8)
    mime-types (1.18)
    multi_json (1.3.2)
    mysql2 (0.3.11)
    padrino (0.10.6)
      padrino-admin (= 0.10.6)
      padrino-cache (= 0.10.6)
      padrino-core (= 0.10.6)
      padrino-gen (= 0.10.6)
      padrino-helpers (= 0.10.6)
      padrino-mailer (= 0.10.6)
    padrino-admin (0.10.6)
      padrino-core (= 0.10.6)
      padrino-helpers (= 0.10.6)
    padrino-cache (0.10.6)
      padrino-core (= 0.10.6)
    padrino-core (0.10.6)
      activesupport (~> 3.2.0)
      http_router (~> 0.10.2)
      sinatra (~> 1.3.1)
      thor (~> 0.14.3)
      tilt (~> 1.3.0)
    padrino-gen (0.10.6)
      bundler (~> 1.0)
      padrino-core (= 0.10.6)
    padrino-helpers (0.10.6)
      i18n (~> 0.6)
      padrino-core (= 0.10.6)
    padrino-mailer (0.10.6)
      mail (~> 2.3.0)
      padrino-core (= 0.10.6)
    pg (0.13.2)
    polyglot (0.3.3)
    rack (1.4.1)
    rack-protection (1.2.0)
      rack
    rack-test (0.6.1)
      rack (>= 1.0)
    raindrops (0.8.0)
    rake (0.9.2.2)
    rspec (2.9.0)
      rspec-core (~> 2.9.0)
      rspec-expectations (~> 2.9.0)
      rspec-mocks (~> 2.9.0)
    rspec-core (2.9.0)
    rspec-expectations (2.9.1)
      diff-lcs (~> 1.1.3)
    rspec-mocks (2.9.0)
    sequel (3.34.1)
    sinatra (1.3.2)
      rack (~> 1.3, >= 1.3.6)
      rack-protection (~> 1.2)
      tilt (~> 1.3, >= 1.3.3)
    sinatra-flash (0.3.0)
      sinatra (>= 1.0.0)
    sqlite3 (1.3.6)
    thin (1.3.1)
      daemons (>= 1.0.9)
      eventmachine (>= 0.12.6)
      rack (>= 1.0.0)
    thor (0.14.6)
    tilt (1.3.3)
    treetop (1.4.10)
      polyglot
      polyglot (>= 0.3.1)
    unicorn (4.3.0)
      kgio (~> 2.6)
      rack
      raindrops (~> 0.7)
    url_mount (0.2.1)
      rack

PLATFORMS
  ruby

DEPENDENCIES
  json
  mysql2 (~> 0.3.11)
  padrino (= 0.10.6)
  pg (~> 0.13.2)
  rack-test
  rake
  rspec
  sequel
  sinatra-flash
  sqlite3
  thin
  unicorn (~> 4.3.0)
